GEM
  remote: http://rubygems.org/
  specs:
    POpen4 (0.1.4)
      Platform (>= 0.4.0)
      open4
    Platform (0.4.0)
    activemodel (3.0.5)
      activesupport (= 3.0.5)
      builder (~> 2.1.2)
      i18n (~> 0.4)
    activerecord (3.0.5)
      activemodel (= 3.0.5)
      activesupport (= 3.0.5)
      arel (~> 2.0.2)
      tzinfo (~> 0.3.23)
    activesupport (3.0.5)
    addressable (2.2.6)
    arel (2.0.10)
    backports (2.3.0)
    builder (2.1.2)
    closure-compiler (1.1.3)
    crack (0.1.8)
    faraday (0.5.7)
      addressable (~> 2.2.4)
      multipart-post (~> 1.1.0)
      rack (>= 1.1.0, < 2)
    faraday_middleware (0.3.2)
      faraday (~> 0.5.4)
    haml (3.0.25)
    hashie (1.0.0)
    heroku (2.5.0)
      launchy (>= 0.3.2)
      rest-client (~> 1.6.1)
      term-ansicolor (~> 1.0.5)
    i18n (0.6.0)
    jammit (0.6.0)
      closure-compiler (>= 0.1.0)
      yui-compressor (>= 0.9.1)
    launchy (2.0.5)
      addressable (~> 2.2.6)
    mime-types (1.16)
    monkey-lib (0.5.4)
      backports
    multi_json (0.0.5)
    multi_xml (0.2.2)
    multipart-post (1.1.3)
    octokit (0.5.2)
      addressable (~> 2.2.4)
      faraday (~> 0.5.4)
      faraday_middleware (~> 0.3.2)
      hashie (~> 1.0.0)
      multi_json (~> 0.0.5)
      multi_xml (~> 0.2.0)
    open4 (1.1.0)
    rack (1.3.2)
    rest-client (1.6.6)
      mime-types (>= 1.16)
    simple_oauth (0.1.5)
    sinatra (1.1.2)
      rack (~> 1.1)
      tilt (~> 1.2)
    sinatra-advanced-routes (0.5.1)
      monkey-lib (~> 0.5.0)
      sinatra (~> 1.0)
      sinatra-sugar (~> 0.5.0)
    sinatra-content-for2 (0.2.3)
      sinatra
    sinatra-reloader (0.5.0)
      sinatra (~> 1.0)
      sinatra-advanced-routes (~> 0.5.0)
    sinatra-sugar (0.5.1)
      monkey-lib (~> 0.5.0)
      sinatra (~> 1.0)
    sqlite3 (1.3.3)
    term-ansicolor (1.0.6)
    tilt (1.3.2)
    twitter (1.1.2)
      faraday (~> 0.5.4)
      faraday_middleware (~> 0.3.1)
      hashie (~> 1.0.0)
      multi_json (~> 0.0.5)
      multi_xml (~> 0.2.0)
      simple_oauth (~> 0.1.3)
    tzinfo (0.3.29)
    yui-compressor (0.9.6)
      POpen4 (>= 0.1.4)

PLATFORMS
  ruby

DEPENDENCIES
  activerecord (= 3.0.5)
  crack (= 0.1.8)
  haml (= 3.0.25)
  heroku (= 2.5.0)
  jammit (= 0.6.0)
  octokit (= 0.5.2)
  sinatra (= 1.1.2)
  sinatra-content-for2 (= 0.2.3)
  sinatra-reloader (= 0.5.0)
  sqlite3 (= 1.3.3)
  twitter (= 1.1.2)
